GEM
  remote: https://rubygems.org/
  specs:
    byebug (11.1.3)
    mini_portile2 (2.5.2)
      net-ftp (~> 0.1)
    net-ftp (0.1.2)
      net-protocol
      time
    net-protocol (0.1.0)
    nokogiri (1.11.6)
      mini_portile2 (~> 2.5.0)
      racc (~> 1.4)
    racc (1.5.2)
    time (0.1.0)

PLATFORMS
  ruby

DEPENDENCIES
  byebug
  nokogiri

RUBY VERSION
   ruby 2.7.2p137

BUNDLED WITH
   2.1.4
